PATH
  remote: .
  specs:
    simple-spreadsheet (0.0.5.2)
      roo (= 1.10.1)
      rubyXL (= 1.2.5)
      spreadsheet (= 0.6.5.9)

GEM
  remote: http://rubygems.org/
  specs:
    addressable (2.2.7)
    choice (0.1.6)
    diff-lcs (1.1.3)
    faraday (0.7.6)
      addressable (~> 2.2)
      multipart-post (~> 1.1)
      rack (~> 1.1)
    google-spreadsheet-ruby (0.1.8)
      nokogiri (>= 1.4.3.1)
      oauth (>= 0.3.6)
      oauth2 (>= 0.5.0)
    log4r (1.1.10)
    multi_json (1.2.0)
    multipart-post (1.1.5)
    nokogiri (1.5.2)
    oauth (0.4.5)
    oauth2 (0.5.2)
      faraday (~> 0.7)
      multi_json (~> 1.0)
    rack (1.4.1)
    roo (1.10.1)
      choice (>= 0.1.4)
      google-spreadsheet-ruby (>= 0.1.5)
      nokogiri (>= 1.5.0)
      rubyzip (>= 0.9.4)
      spreadsheet (> 0.6.4)
      todonotes (>= 0.1.0)
    rspec (2.6.0)
      rspec-core (~> 2.6.0)
      rspec-expectations (~> 2.6.0)
      rspec-mocks (~> 2.6.0)
    rspec-core (2.6.4)
    rspec-expectations (2.6.0)
      diff-lcs (~> 1.1.2)
    rspec-mocks (2.6.0)
    ruby-ole (1.2.11.3)
    rubyXL (1.2.5)
    rubyzip (0.9.6.1)
    spreadsheet (0.6.5.9)
      ruby-ole (>= 1.0)
    todonotes (0.1.0)
      log4r

PLATFORMS
  ruby

DEPENDENCIES
  rspec (~> 2.6.0)
  simple-spreadsheet!
